PATH
  remote: .
  specs:
    gale_shapley (0.1.0)

GEM
  remote: https://rubygems.org/
  specs:
    power_assert (2.0.0)
    test-unit (3.4.0)
      power_assert

PLATFORMS
  x86_64-linux

DEPENDENCIES
  gale_shapley!
  test-unit

BUNDLED WITH
   2.2.7
